GIT
  remote: https://github.com/timschro/rails_admin_mapbox_field.git
  revision: d3efa68ea40323b95edad0717f66bf4f24bebaaf
  specs:
    rails_admin_mapbox_field (0.0.3)
      rails (>= 5.0.0)
      rails_admin (>= 1.4.0)

GEM
  remote: https://rubygems.org/
  specs:
    actioncable (6.1.5.1)
      actionpack (= 6.1.5.1)
      activesupport (= 6.1.5.1)
      nio4r (~> 2.0)
      websocket-driver (>= 0.6.1)
    actionmailbox (6.1.5.1)
      actionpack (= 6.1.5.1)
      activejob (= 6.1.5.1)
      activerecord (= 6.1.5.1)
      activestorage (= 6.1.5.1)
      activesupport (= 6.1.5.1)
      mail (>= 2.7.1)
    actionmailer (6.1.5.1)
      actionpack (= 6.1.5.1)
      actionview (= 6.1.5.1)
      activejob (= 6.1.5.1)
      activesupport (= 6.1.5.1)
      mail (~> 2.5, >= 2.5.4)
      rails-dom-testing (~> 2.0)
    actionpack (6.1.5.1)
      actionview (= 6.1.5.1)
      activesupport (= 6.1.5.1)
      rack (~> 2.0, >= 2.0.9)
      rack-test (>= 0.6.3)
      rails-dom-testing (~> 2.0)
      rails-html-sanitizer (~> 1.0, >= 1.2.0)
    actionpack-page_caching (1.2.4)
      actionpack (>= 4.0.0)
    actiontext (6.1.5.1)
      actionpack (= 6.1.5.1)
      activerecord (= 6.1.5.1)
      activestorage (= 6.1.5.1)
      activesupport (= 6.1.5.1)
      nokogiri (>= 1.8.5)
    actionview (6.1.5.1)
      activesupport (= 6.1.5.1)
      builder (~> 3.1)
      erubi (~> 1.4)
      rails-dom-testing (~> 2.0)
      rails-html-sanitizer (~> 1.1, >= 1.2.0)
    activejob (6.1.5.1)
      activesupport (= 6.1.5.1)
      globalid (>= 0.3.6)
    activemodel (6.1.5.1)
      activesupport (= 6.1.5.1)
    activemodel-serializers-xml (1.0.2)
      activemodel (> 5.x)
      activesupport (> 5.x)
      builder (~> 3.1)
    activerecord (6.1.5.1)
      activemodel (= 6.1.5.1)
      activesupport (= 6.1.5.1)
    activestorage (6.1.5.1)
      actionpack (= 6.1.5.1)
      activejob (= 6.1.5.1)
      activerecord (= 6.1.5.1)
      activesupport (= 6.1.5.1)
      marcel (~> 1.0)
      mini_mime (>= 1.1.0)
    activesupport (6.1.5.1)
      concurrent-ruby (~> 1.0, >= 1.0.2)
      i18n (>= 1.6, < 2)
      minitest (>= 5.1)
      tzinfo (~> 2.0)
      zeitwerk (~> 2.3)
    addressable (2.8.0)
      public_suffix (>= 2.0.2, < 5.0)
    archive-zip (0.12.0)
      io-like (~> 0.3.0)
    ast (2.4.2)
    aws-eventstream (1.2.0)
    aws-partitions (1.543.0)
    aws-sdk-core (3.125.0)
      aws-eventstream (~> 1, >= 1.0.2)
      aws-partitions (~> 1, >= 1.525.0)
      aws-sigv4 (~> 1.1)
      jmespath (~> 1.0)
    aws-sdk-kms (1.53.0)
      aws-sdk-core (~> 3, >= 3.125.0)
      aws-sigv4 (~> 1.1)
    aws-sdk-s3 (1.110.0)
      aws-sdk-core (~> 3, >= 3.125.0)
      aws-sdk-kms (~> 1)
      aws-sigv4 (~> 1.4)
    aws-sigv4 (1.4.0)
      aws-eventstream (~> 1, >= 1.0.2)
    barnes (0.0.9)
      multi_json (~> 1)
      statsd-ruby (~> 1.1)
    bcrypt (3.1.16)
    bindex (0.8.1)
    bootsnap (1.9.3)
      msgpack (~> 1.0)
    builder (3.2.4)
    byebug (11.1.3)
    cancancan (3.3.0)
    capybara (3.36.0)
      addressable
      matrix
      mini_mime (>= 0.1.3)
      nokogiri (~> 1.8)
      rack (>= 1.6.0)
      rack-test (>= 0.6.3)
      regexp_parser (>= 1.5, < 3.0)
      xpath (~> 3.2)
    childprocess (4.1.0)
    chromedriver-helper (2.1.1)
      archive-zip (~> 0.10)
      nokogiri (~> 1.8)
    chronic (0.10.2)
    coffee-rails (5.0.0)
      coffee-script (>= 2.2.0)
      railties (>= 5.2.0)
    coffee-script (2.4.1)
      coffee-script-source
      execjs
    coffee-script-source (1.12.2)
    concurrent-ruby (1.1.9)
    crass (1.0.6)
    daemons (1.4.1)
    delayed_job (4.1.9)
      activesupport (>= 3.0, < 6.2)
    delayed_job_active_record (4.1.6)
      activerecord (>= 3.0, < 6.2)
      delayed_job (>= 3.0, < 5)
    devise (4.8.1)
      bcrypt (~> 3.0)
      orm_adapter (~> 0.1)
      railties (>= 4.1.0)
      responders
      warden (~> 1.2.3)
    devise-i18n (1.10.1)
      devise (>= 4.8.0)
    diff-lcs (1.5.0)
    erubi (1.10.0)
    execjs (2.8.1)
    ffi (1.15.4)
    globalid (1.0.0)
      activesupport (>= 5.0)
    haml (5.2.2)
      temple (>= 0.8.0)
      tilt
    honeybadger (4.9.0)
    httparty (0.20.0)
      mime-types (~> 3.0)
      multi_xml (>= 0.5.2)
    i18n (1.8.11)
      concurrent-ruby (~> 1.0)
    i18n-active_record (1.1.0)
      i18n (>= 0.5.0)
    image_processing (1.12.1)
      mini_magick (>= 4.9.5, < 5)
      ruby-vips (>= 2.0.17, < 3)
    io-like (0.3.1)
    jbuilder (2.11.5)
      actionview (>= 5.0.0)
      activesupport (>= 5.0.0)
    jmespath (1.4.0)
    jquery-rails (4.4.0)
      rails-dom-testing (>= 1, < 3)
      railties (>= 4.2.0)
      thor (>= 0.14, < 2.0)
    jquery-ui-rails (6.0.1)
      railties (>= 3.2.16)
    kaminari (1.2.2)
      activesupport (>= 4.1.0)
      kaminari-actionview (= 1.2.2)
      kaminari-activerecord (= 1.2.2)
      kaminari-core (= 1.2.2)
    kaminari-actionview (1.2.2)
      actionview
      kaminari-core (= 1.2.2)
    kaminari-activerecord (1.2.2)
      activerecord
      kaminari-core (= 1.2.2)
    kaminari-core (1.2.2)
    listen (3.7.0)
      rb-fsevent (~> 0.10, >= 0.10.3)
      rb-inotify (~> 0.9, >= 0.9.10)
    loofah (2.16.0)
      crass (~> 1.0.2)
      nokogiri (>= 1.5.9)
    mail (2.7.1)
      mini_mime (>= 0.1.1)
    marcel (1.0.2)
    matrix (0.4.2)
    method_source (1.0.0)
    mime-types (3.4.1)
      mime-types-data (~> 3.2015)
    mime-types-data (3.2021.1115)
    mini_magick (4.11.0)
    mini_mime (1.1.2)
    mini_portile2 (2.8.0)
    minitest (5.15.0)
    msgpack (1.4.2)
    multi_json (1.15.0)
    multi_xml (0.6.0)
    mysql2 (0.5.3)
    nested_form (0.3.2)
    nio4r (2.5.8)
    nokogiri (1.13.2)
      mini_portile2 (~> 2.8.0)
      racc (~> 1.4)
    orm_adapter (0.5.0)
    paper_trail (12.1.0)
      activerecord (>= 5.2)
      request_store (~> 1.1)
    parser (3.1.0.0)
      ast (~> 2.4.1)
    pg (1.2.3)
    public_suffix (4.0.6)
    puma (6.4.2)
      nio4r (~> 2.0)
    racc (1.6.0)
    rack (2.2.3)
    rack-pjax (1.1.0)
      nokogiri (~> 1.5)
      rack (>= 1.1)
    rack-proxy (0.7.0)
      rack
    rack-test (1.1.0)
      rack (>= 1.0, < 3)
    rails (6.1.5.1)
      actioncable (= 6.1.5.1)
      actionmailbox (= 6.1.5.1)
      actionmailer (= 6.1.5.1)
      actionpack (= 6.1.5.1)
      actiontext (= 6.1.5.1)
      actionview (= 6.1.5.1)
      activejob (= 6.1.5.1)
      activemodel (= 6.1.5.1)
      activerecord (= 6.1.5.1)
      activestorage (= 6.1.5.1)
      activesupport (= 6.1.5.1)
      bundler (>= 1.15.0)
      railties (= 6.1.5.1)
      sprockets-rails (>= 2.0.0)
    rails-dom-testing (2.0.3)
      activesupport (>= 4.2.0)
      nokogiri (>= 1.6)
    rails-html-sanitizer (1.4.2)
      loofah (~> 2.3)
    rails_admin (2.2.1)
      activemodel-serializers-xml (>= 1.0)
      builder (~> 3.1)
      haml (>= 4.0, < 6)
      jquery-rails (>= 3.0, < 5)
      jquery-ui-rails (>= 5.0, < 7)
      kaminari (>= 0.14, < 2.0)
      nested_form (~> 0.3)
      rack-pjax (>= 0.7)
      rails (>= 5.0, < 7)
      remotipart (~> 1.3)
      sassc-rails (>= 1.3, < 3)
    railties (6.1.5.1)
      actionpack (= 6.1.5.1)
      activesupport (= 6.1.5.1)
      method_source
      rake (>= 12.2)
      thor (~> 1.0)
    rake (13.0.6)
    rb-fsevent (0.11.0)
    rb-inotify (0.10.1)
      ffi (~> 1.0)
    redis (4.5.1)
    regexp_parser (2.2.0)
    remotipart (1.4.4)
    request_store (1.5.0)
      rack (>= 1.4)
    responders (3.0.1)
      actionpack (>= 5.0)
      railties (>= 5.0)
    rexml (3.2.5)
    rspec (3.10.0)
      rspec-core (~> 3.10.0)
      rspec-expectations (~> 3.10.0)
      rspec-mocks (~> 3.10.0)
    rspec-core (3.10.1)
      rspec-support (~> 3.10.0)
    rspec-expectations (3.10.1)
      diff-lcs (>= 1.2.0, < 2.0)
      rspec-support (~> 3.10.0)
    rspec-mocks (3.10.2)
      diff-lcs (>= 1.2.0, < 2.0)
      rspec-support (~> 3.10.0)
    rspec-support (3.10.3)
    rspec_junit_formatter (0.4.1)
      rspec-core (>= 2, < 4, != 2.12.0)
    ruby-vips (2.1.4)
      ffi (~> 1.12)
    rubyzip (2.3.2)
    sass-rails (6.0.0)
      sassc-rails (~> 2.1, >= 2.1.1)
    sassc (2.4.0)
      ffi (~> 1.9)
    sassc-rails (2.1.2)
      railties (>= 4.0.0)
      sassc (>= 2.0)
      sprockets (> 3.0)
      sprockets-rails
      tilt
    scout_apm (5.1.1)
      parser
    selenium-webdriver (4.1.0)
      childprocess (>= 0.5, < 5.0)
      rexml (~> 3.2, >= 3.2.5)
      rubyzip (>= 1.2.2)
    semantic_range (3.0.0)
    spring (2.1.1)
    spring-watcher-listen (2.0.1)
      listen (>= 2.7, < 4.0)
      spring (>= 1.2, < 3.0)
    sprockets (4.0.2)
      concurrent-ruby (~> 1.0)
      rack (> 1, < 3)
    sprockets-rails (3.4.2)
      actionpack (>= 5.2)
      activesupport (>= 5.2)
      sprockets (>= 3.0.0)
    sqlite3 (1.4.2)
    statsd-ruby (1.5.0)
    stringex (2.8.5)
    temple (0.8.2)
    thor (1.1.0)
    tilt (2.0.10)
    tzinfo (2.0.4)
      concurrent-ruby (~> 1.0)
    uglifier (4.2.0)
      execjs (>= 0.3.0, < 3)
    warden (1.2.9)
      rack (>= 2.0.9)
    web-console (4.2.0)
      actionview (>= 6.0.0)
      activemodel (>= 6.0.0)
      bindex (>= 0.4.0)
      railties (>= 6.0.0)
    webpacker (5.4.3)
      activesupport (>= 5.2)
      rack-proxy (>= 0.6.1)
      railties (>= 5.2)
      semantic_range (>= 2.3.0)
    websocket-driver (0.7.5)
      websocket-extensions (>= 0.1.0)
    websocket-extensions (0.1.5)
    whenever (1.0.0)
      chronic (>= 0.6.3)
    xpath (3.2.0)
      nokogiri (~> 1.8)
    zeitwerk (2.5.4)

PLATFORMS
  ruby

DEPENDENCIES
  actionpack-page_caching
  aws-sdk-s3
  barnes
  bootsnap (>= 1.1.0)
  byebug
  cancancan (~> 3.0)
  capybara (>= 2.15)
  chromedriver-helper
  coffee-rails (~> 5.0)
  daemons
  delayed_job_active_record
  devise
  devise-i18n
  haml
  honeybadger
  httparty
  i18n-active_record
  image_processing (~> 1.2)
  jbuilder (~> 2.5)
  listen (>= 3.0.5, <= 3.7.0)
  mini_magick
  mysql2 (>= 0.4.4, < 0.6.0)
  paper_trail
  pg
  puma (~> 6.4)
  rails (~> 6.1.3)
  rails_admin (~> 2.0)
  rails_admin_mapbox_field (~> 0.0.3)!
  redis
  rspec
  rspec_junit_formatter
  sass-rails (~> 6.0)
  scout_apm
  selenium-webdriver
  spring
  spring-watcher-listen (~> 2.0.0)
  sqlite3
  stringex
  tzinfo-data
  uglifier (>= 1.3.0)
  web-console (>= 3.3.0)
  webpacker
  whenever

RUBY VERSION
   ruby 2.7.2p137

BUNDLED WITH
   2.1.4
